GEM
  remote: https://rubygems.org/
  specs:
    minitest (5.16.0)

PLATFORMS
  x86_64-linux

DEPENDENCIES
  minitest

BUNDLED WITH
   2.2.21
